GIT
  remote: git://github.com/fnando/browser.git
  revision: 98e79ea023dd022ed676372561b9f39ca3b97946
  specs:
    browser (0.7.2)

GEM
  remote: https://rubygems.org/
  specs:
    kgio (2.9.2)
    rack (1.5.2)
    raindrops (0.13.0)
    unicorn (4.8.3)
      kgio (~> 2.6)
      rack
      raindrops (~> 0.7)

PLATFORMS
  ruby

DEPENDENCIES
  browser!
  unicorn
