GIT
  remote: git://github.com/fnando/browser.git
  revision: 3dea7905fab9183bee8847b91feb9a585e6de470
  specs:
    browser (2.0.0)

GEM
  remote: https://rubygems.org/
  specs:
    kgio (2.10.0)
    rack (1.6.4)
    raindrops (0.15.0)
    unicorn (5.0.1)
      kgio (~> 2.6)
      rack
      raindrops (~> 0.7)

PLATFORMS
  ruby

DEPENDENCIES
  browser!
  unicorn

BUNDLED WITH
   1.11.2
