GIT
  remote: git://github.com/fnando/browser.git
  revision: 6d5bbd05f84583c7c14ee587435aca325d9a0bc7
  branch: master
  specs:
    browser (0.8.0)

GEM
  remote: https://rubygems.org/
  specs:
    kgio (2.9.2)
    rack (1.5.2)
    raindrops (0.13.0)
    unicorn (4.8.3)
      kgio (~> 2.6)
      rack
      raindrops (~> 0.7)

PLATFORMS
  ruby

DEPENDENCIES
  browser!
  unicorn
